GEM
  remote: https://rubygems.org/
  specs:
    gosu (0.15.1)
    gosu_tiled (0.1.1)
      gosu
      json
    json (2.3.0)

PLATFORMS
  ruby

DEPENDENCIES
  gosu
  gosu_tiled

BUNDLED WITH
   2.1.4
